PATH
  remote: .
  specs:
    shape2work (0.0.1)
      json
      rgeo (~> 1.0)
      rgeo-geojson
      rgeo-shapefile

GEM
  remote: https://rubygems.org/
  specs:
    dbf (3.1.2)
    diff-lcs (1.3)
    json (2.1.0)
    rake (10.5.0)
    rgeo (1.0.0)
    rgeo-geojson (2.0.0)
      rgeo (~> 1.0)
    rgeo-shapefile (1.0.0)
      dbf (~> 3.0)
      rgeo (~> 1.0)
    rspec (3.7.0)
      rspec-core (~> 3.7.0)
      rspec-expectations (~> 3.7.0)
      rspec-mocks (~> 3.7.0)
    rspec-core (3.7.1)
      rspec-support (~> 3.7.0)
    rspec-expectations (3.7.0)
      diff-lcs (>= 1.2.0, < 2.0)
      rspec-support (~> 3.7.0)
    rspec-mocks (3.7.0)
      diff-lcs (>= 1.2.0, < 2.0)
      rspec-support (~> 3.7.0)
    rspec-support (3.7.1)

PLATFORMS
  ruby

DEPENDENCIES
  bundler (~> 1.16)
  rake (~> 10.0)
  rspec (~> 3.0)
  shape2work!

BUNDLED WITH
   1.16.1
